PATH
  remote: .
  specs:
    yus (1.0.3)
      deprecated (= 2.0.1)
      highline
      needle
      odba
      pg (= 0.17.0)
      rclconf
      ydbd-pg (>= 0.5.1)
      ydbi (>= 0.5.1)

GEM
  remote: https://rubygems.org/
  specs:
    byebug (9.0.4)
    coderay (1.1.1)
    deprecated (2.0.1)
    diff-lcs (1.2.5)
    docile (1.1.5)
    flexmock (1.3.2)
    highline (1.7.8)
    json (1.8.3)
    method_source (0.8.2)
    minitest (5.8.2)
    needle (1.3.0)
    odba (1.1.2)
      ydbd-pg (>= 0.5.1)
      ydbi (>= 0.5.1)
    pg (0.17.0)
    power_assert (0.2.4)
    pry (0.10.3)
      coderay (~> 1.1.0)
      method_source (~> 0.8.1)
      slop (~> 3.4)
    pry-byebug (3.4.0)
      byebug (~> 9.0)
      pry (~> 0.10)
    rake (10.4.2)
    rclconf (1.0.0)
    rspec (3.4.0)
      rspec-core (~> 3.4.0)
      rspec-expectations (~> 3.4.0)
      rspec-mocks (~> 3.4.0)
    rspec-core (3.4.4)
      rspec-support (~> 3.4.0)
    rspec-expectations (3.4.0)
      diff-lcs (>= 1.2.0, < 2.0)
      rspec-support (~> 3.4.0)
    rspec-mocks (3.4.1)
      diff-lcs (>= 1.2.0, < 2.0)
      rspec-support (~> 3.4.0)
    rspec-support (3.4.1)
    simplecov (0.11.2)
      docile (~> 1.1.0)
      json (~> 1.8)
      simplecov-html (~> 0.10.0)
    simplecov-html (0.10.0)
    slop (3.6.0)
    test-unit (3.1.5)
      power_assert
    ydbd-pg (0.5.2)
      pg
      ydbi (>= 0.5.0)
    ydbi (0.5.2)
      deprecated (= 2.0.1)

PLATFORMS
  ruby

DEPENDENCIES
  bundler
  flexmock (~> 1.3.0)
  minitest
  pry-byebug
  rake
  rspec
  simplecov
  test-unit
  yus!

BUNDLED WITH
   1.12.4
