GIT
  remote: https://github.com/zdavatz/ruby-dbi
  revision: dcd6239fd5f836418dba522b04267200df973f56
  specs:
    dbi (0.4.5)

GEM
  remote: http://rubygems.org/
  specs:
    byebug (5.0.0)
      columnize (= 0.9.0)
    coderay (1.1.0)
    columnize (0.9.0)
    dbd-pg (0.3.9)
      dbi (>= 0.4.0)
      pg
    deprecated (2.0.1)
    flexmock (1.3.2)
    hoe (3.14.2)
      rake (>= 0.8, < 11.0)
    method_source (0.8.2)
    minitest (5.8.2)
    needle (1.3.0)
    odba (1.1.0)
    pg (0.18.3)
    power_assert (0.2.4)
    pry (0.10.3)
      coderay (~> 1.1.0)
      method_source (~> 0.8.1)
      slop (~> 3.4)
    pry-byebug (3.2.0)
      byebug (~> 5.0)
      pry (~> 0.10)
    rake (10.4.2)
    rclconf (1.0.0)
    slop (3.6.0)
    test-unit (3.1.5)
      power_assert

PLATFORMS
  ruby

DEPENDENCIES
  dbd-pg
  dbi (= 0.4.5)!
  deprecated (= 2.0.1)
  flexmock (~> 1.3.0)
  hoe
  minitest
  needle
  odba
  pg
  pry-byebug
  rake
  rclconf
  test-unit

BUNDLED WITH
   1.10.6
