PATH
  remote: .
  specs:
    yus (1.0.5)
      deprecated (= 2.0.1)
      highline
      needle
      odba (>= 1.1.6)
      rclconf

GEM
  remote: https://rubygems.org/
  specs:
    byebug (11.0.1)
    coderay (1.1.2)
    deprecated (2.0.1)
    diff-lcs (1.3)
    docile (1.3.1)
    flexmock (1.3.3)
    highline (2.0.1)
    json (2.2.0)
    method_source (0.9.2)
    minitest (5.11.3)
    needle (1.3.0)
    odba (1.1.6)
      ydbd-pg (>= 0.5.6)
      ydbi (>= 0.5.6)
    pg (1.1.4)
    power_assert (1.1.3)
    pry (0.12.2)
      coderay (~> 1.1.0)
      method_source (~> 0.9.0)
    pry-byebug (3.7.0)
      byebug (~> 11.0)
      pry (~> 0.10)
    rake (12.3.2)
    rclconf (1.0.0)
    rspec (3.8.0)
      rspec-core (~> 3.8.0)
      rspec-expectations (~> 3.8.0)
      rspec-mocks (~> 3.8.0)
    rspec-core (3.8.0)
      rspec-support (~> 3.8.0)
    rspec-expectations (3.8.2)
      diff-lcs (>= 1.2.0, < 2.0)
      rspec-support (~> 3.8.0)
    rspec-mocks (3.8.0)
      diff-lcs (>= 1.2.0, < 2.0)
      rspec-support (~> 3.8.0)
    rspec-support (3.8.0)
    simplecov (0.16.1)
      docile (~> 1.1)
      json (>= 1.8, < 3)
      simplecov-html (~> 0.10.0)
    simplecov-html (0.10.2)
    test-unit (3.3.0)
      power_assert
    ydbd-pg (0.5.6)
      pg
      ydbi (= 0.5.6)
    ydbi (0.5.6)
      deprecated (= 2.0.1)

PLATFORMS
  ruby

DEPENDENCIES
  bundler
  flexmock (~> 1.3.0)
  minitest
  pry-byebug
  rake
  rspec
  simplecov
  test-unit
  yus!

BUNDLED WITH
   2.0.1
