GEM
  remote: http://rubygems.org/
  specs:
    flexmock (0.8.6)
    hoe (3.7.1)
      rake (>= 0.8, < 11.0)
    minitest (5.0.8)
    needle (1.3.0)
    pg (0.9.0)
    rake (10.1.0)

PLATFORMS
  ruby

DEPENDENCIES
  flexmock (= 0.8.6)
  hoe
  minitest
  needle
  pg (= 0.9.0)
  rake
