PATH
  remote: .
  specs:
    yus (1.0.5)
      deprecated (= 2.0.1)
      highline
      needle
      odba
      rclconf

GEM
  remote: https://rubygems.org/
  specs:
    byebug (9.0.5)
    coderay (1.1.1)
    deprecated (2.0.1)
    diff-lcs (1.2.5)
    docile (1.1.5)
    flexmock (1.3.3)
    highline (2.0.1)
    json (2.0.1)
    method_source (0.8.2)
    minitest (5.9.0)
    needle (1.3.0)
    odba (1.1.6)
      ydbd-pg (>= 0.5.6)
      ydbi (>= 0.5.6)
    pg (1.1.4)
    power_assert (0.3.0)
    pry (0.10.4)
      coderay (~> 1.1.0)
      method_source (~> 0.8.1)
      slop (~> 3.4)
    pry-byebug (3.4.0)
      byebug (~> 9.0)
      pry (~> 0.10)
    rake (11.2.2)
    rclconf (1.0.0)
    rspec (3.5.0)
      rspec-core (~> 3.5.0)
      rspec-expectations (~> 3.5.0)
      rspec-mocks (~> 3.5.0)
    rspec-core (3.5.1)
      rspec-support (~> 3.5.0)
    rspec-expectations (3.5.0)
      diff-lcs (>= 1.2.0, < 2.0)
      rspec-support (~> 3.5.0)
    rspec-mocks (3.5.0)
      diff-lcs (>= 1.2.0, < 2.0)
      rspec-support (~> 3.5.0)
    rspec-support (3.5.0)
    simplecov (0.12.0)
      docile (~> 1.1.0)
      json (>= 1.8, < 3)
      simplecov-html (~> 0.10.0)
    simplecov-html (0.10.0)
    slop (3.6.0)
    test-unit (3.2.0)
      power_assert
    ydbd-pg (0.5.6)
      pg
      ydbi (= 0.5.6)
    ydbi (0.5.6)
      deprecated (= 2.0.1)

PLATFORMS
  ruby

DEPENDENCIES
  bundler
  flexmock (~> 1.3.0)
  minitest
  pry-byebug
  rake
  rspec
  simplecov
  test-unit
  yus!

BUNDLED WITH
   1.17.1
