GIT
  remote: https://github.com/zdavatz/ruby-dbi
  revision: dcd6239fd5f836418dba522b04267200df973f56
  specs:
    dbi (0.4.5)

GEM
  remote: http://rubygems.org/
  specs:
    dbd-pg (0.3.9)
      dbi (>= 0.4.0)
      pg
    deprecated (2.0.1)
    flexmock (1.3.2)
    hoe (3.7.1)
      rake (>= 0.8, < 11.0)
    minitest (5.0.8)
    needle (1.3.0)
    odba (1.1.0)
    pg (0.17.0)
    rake (10.1.0)
    rclconf (1.0.0)

PLATFORMS
  ruby

DEPENDENCIES
  dbd-pg
  dbi (= 0.4.5)!
  deprecated (= 2.0.1)
  flexmock
  hoe
  minitest (>= 5.0.0)
  needle
  odba
  pg
  rake
  rclconf
